GEM
  remote: https://rubygems.org/
  specs:
    bashly (0.6.8)
      colsole (~> 0.6)
      completely (~> 0.2)
      mister_bin (~> 0.7)
      requires (~> 0.1)
    colsole (0.7.2)
    completely (0.2.0)
      colsole (~> 0.6)
      mister_bin (~> 0.7)
    docopt (0.6.1)
    mister_bin (0.7.1)
      colsole (~> 0.5)
      docopt (~> 0.6)
    requires (0.2.0)

PLATFORMS
  ruby

DEPENDENCIES
  bashly

BUNDLED WITH
   2.1.4
